GEM
  remote: https://api.rubygems.org/
  specs:
    ast (2.3.0)
    msgpack (1.1.0)
    mustermann (1.0.2)
    neovim (0.4.0)
      msgpack (~> 1.0)
    parser (2.4.0.0)
      ast (~> 2.2)
    powerpack (0.1.1)
    rack (2.0.4)
    rack-protection (2.0.1)
      rack
    rainbow (2.2.1)
    rubocop (0.47.1)
      parser (>= 2.3.3.1, < 3.0)
      powerpack (~> 0.1)
      rainbow (>= 1.99.1, < 3.0)
      ruby-progressbar (~> 1.7)
      unicode-display_width (~> 1.0, >= 1.0.1)
    ruby-progressbar (1.8.1)
    sinatra (2.0.1)
      mustermann (~> 1.0)
      rack (~> 2.0)
      rack-protection (= 2.0.1)
      tilt (~> 2.0)
    solargraph (0.17.3)
      bundler (~> 1.14)
      parser (~> 2.4)
      sinatra (~> 2)
      thor (~> 0.19, >= 0.19.4)
      yard (~> 0.9)
    thor (0.20.0)
    tilt (2.0.8)
    unicode-display_width (1.1.3)
    yard (0.9.12)

PLATFORMS
  ruby

DEPENDENCIES
  neovim
  rubocop
  solargraph
